PATH
  remote: .
  specs:
    sinatra-sprockets-wheel (0.0.1)
      sprockets
      sprockets-helpers

GEM
  remote: http://rubygems.org/
  specs:
    hike (1.2.2)
    minitest (5.0.2)
    minitest-colorize (0.0.5)
      minitest (>= 2.0)
    multi_json (1.7.3)
    rack (1.5.2)
    rack-protection (1.5.0)
      rack
    rack-test (0.6.2)
      rack (>= 1.0)
    rake (10.0.4)
    sinatra (1.4.2)
      rack (~> 1.5, >= 1.5.2)
      rack-protection (~> 1.4)
      tilt (~> 1.3, >= 1.3.4)
    sprockets (2.9.3)
      hike (~> 1.2)
      multi_json (~> 1.0)
      rack (~> 1.0)
      tilt (~> 1.1, != 1.3.0)
    sprockets-helpers (1.0.1)
      sprockets (~> 2.0)
    tilt (1.4.1)

PLATFORMS
  ruby

DEPENDENCIES
  minitest-colorize
  rack-test
  rake
  sinatra
  sinatra-sprockets-wheel!
